PATH
  remote: .
  specs:
    brcobranca (3.1.4)
      activemodel (~> 3)
      parseline (>= 1.0.3)
      rghost (~> 0.9)
      rghost_barcode (~> 0.9)

GEM
  remote: https://rubygems.org/
  specs:
    activemodel (3.2.13)
      activesupport (= 3.2.13)
      builder (~> 3.0.0)
    activesupport (3.2.13)
      i18n (= 0.6.1)
      multi_json (~> 1.0)
    builder (3.0.4)
    diff-lcs (1.2.4)
    i18n (0.6.1)
    multi_json (1.7.6)
    parseline (1.0.3)
    rake (10.0.4)
    rghost (0.9.3)
    rghost_barcode (0.9)
    rspec (2.13.0)
      rspec-core (~> 2.13.0)
      rspec-expectations (~> 2.13.0)
      rspec-mocks (~> 2.13.0)
    rspec-core (2.13.1)
    rspec-expectations (2.13.0)
      diff-lcs (>= 1.1.3, < 2.0)
    rspec-mocks (2.13.1)

PLATFORMS
  ruby
  x86-mingw32

DEPENDENCIES
  brcobranca!
  rake
  rspec
